PATH
  remote: .
  specs:
    ruby_ex_port (0.1.0)
      erlang-etf (~> 2.0.0)
      toolrack (~> 0.24)

GEM
  remote: https://rubygems.org/
  specs:
    diff-lcs (1.5.1)
    erlang-etf (2.0.0)
      erlang-terms (~> 2.0)
    erlang-terms (2.0.1)
    rake (13.2.1)
    rspec (3.13.0)
      rspec-core (~> 3.13.0)
      rspec-expectations (~> 3.13.0)
      rspec-mocks (~> 3.13.0)
    rspec-core (3.13.0)
      rspec-support (~> 3.13.0)
    rspec-expectations (3.13.1)
      diff-lcs (>= 1.2.0, < 2.0)
      rspec-support (~> 3.13.0)
    rspec-mocks (3.13.1)
      diff-lcs (>= 1.2.0, < 2.0)
      rspec-support (~> 3.13.0)
    rspec-support (3.13.1)
    toolrack (0.24.3)

PLATFORMS
  arm64-darwin-23
  ruby

DEPENDENCIES
  rake (~> 13.0)
  rspec (~> 3.0)
  ruby_ex_port!

BUNDLED WITH
   2.5.1
